GEM
  remote: https://rubygems.org/
  specs:
    coderay (1.1.2)
    concurrent-ruby (1.1.4)
    faker (1.9.1)
      i18n (>= 0.7)
    glib2 (3.3.0)
      native-package-installer (>= 1.0.3)
      pkg-config (>= 1.2.2)
    gobject-introspection (3.3.0)
      glib2 (= 3.3.0)
    i18n (1.3.0)
      concurrent-ruby (~> 1.0)
    method_source (0.9.2)
    msgpack (1.2.4)
    native-package-installer (1.0.6)
    oj (3.7.4)
    pkg-config (1.3.2)
    pry (0.12.2)
      coderay (~> 1.1.0)
      method_source (~> 0.9.0)
    red-arrow (0.11.0)
      gobject-introspection (>= 3.1.1)
      native-package-installer
      pkg-config

PLATFORMS
  ruby

DEPENDENCIES
  faker
  msgpack
  oj
  pry
  red-arrow

BUNDLED WITH
   1.17.2
