GEM
  remote: https://rubygems.org/
  specs:
    coderay (1.1.2)
    method_source (0.9.2)
    numo-linalg (0.1.3)
      numo-narray (>= 0.9.0.7)
    numo-narray (0.9.1.3)
    pry (0.12.2)
      coderay (~> 1.1.0)
      method_source (~> 0.9.0)
    pycall (1.0.3)
    red-chainer (0.3.2)
      numo-narray (>= 0.9.1.1)
      red-datasets (>= 0.0.5)
    red-datasets (0.0.7)

PLATFORMS
  ruby

DEPENDENCIES
  numo-linalg
  pry
  pycall
  red-chainer

BUNDLED WITH
   1.17.1
